PATH
  remote: .
  specs:
    rspec-instafail (0.2.5)
      rspec

GEM
  remote: https://rubygems.org/
  specs:
    bump (0.4.0)
    diff-lcs (1.2.5)
    rake (10.0.3)
    rspec (2.99.0)
      rspec-core (~> 2.99.0)
      rspec-expectations (~> 2.99.0)
      rspec-mocks (~> 2.99.0)
    rspec-core (2.99.0)
    rspec-expectations (2.99.0)
      diff-lcs (>= 1.1.3, < 2.0)
    rspec-mocks (2.99.0)

PLATFORMS
  ruby

DEPENDENCIES
  bump
  rake
  rspec-instafail!
