GEM
  remote: http://rubygems.org/
  specs:
    diff-lcs (1.1.3)
    rspec (1.3.0)

PLATFORMS
  ruby

DEPENDENCIES
  diff-lcs (= 1.1.3)
  rspec (= 1.3.0)
